GEM
  remote: https://rubygems.org/
  specs:
    IPinfo (2.2.4)
      faraday (~> 2.0)
      json (~> 2.1)
      lru_redux (~> 1.1)
    activesupport (8.0.2)
      base64
      benchmark (>= 0.3)
      bigdecimal
      concurrent-ruby (~> 1.0, >= 1.3.1)
      connection_pool (>= 2.2.5)
      drb
      i18n (>= 1.6, < 2)
      logger (>= 1.4.2)
      minitest (>= 5.1)
      securerandom (>= 0.3)
      tzinfo (~> 2.0, >= 2.0.5)
      uri (>= 0.13.1)
    addressable (2.8.7)
      public_suffix (>= 2.0.2, < 7.0)
    aws-eventstream (1.3.2)
    aws-partitions (1.1100.0)
    aws-sdk-core (3.223.0)
      aws-eventstream (~> 1, >= 1.3.0)
      aws-partitions (~> 1, >= 1.992.0)
      aws-sigv4 (~> 1.9)
      base64
      jmespath (~> 1, >= 1.6.1)
      logger
    aws-sdk-kms (1.100.0)
      aws-sdk-core (~> 3, >= 3.216.0)
      aws-sigv4 (~> 1.5)
    aws-sdk-s3 (1.185.0)
      aws-sdk-core (~> 3, >= 3.216.0)
      aws-sdk-kms (~> 1)
      aws-sigv4 (~> 1.5)
    aws-sigv4 (1.11.0)
      aws-eventstream (~> 1, >= 1.0.2)
    base64 (0.2.0)
    bcrypt (3.1.20)
    benchmark (0.4.0)
    bigdecimal (3.1.9)
    cgi (0.4.2)
    concurrent-ruby (1.3.5)
    connection_pool (2.5.3)
    content_disposition (1.0.0)
    countries (5.7.2)
      unaccent (~> 0.3)
    cronex (0.15.0)
      tzinfo
      unicode (>= 0.4.4.5)
    csv (3.3.4)
    date (3.4.1)
    domain_name (0.6.20240107)
    dotenv (2.8.1)
    down (5.4.2)
      addressable (~> 2.8)
    drb (2.2.1)
    dry-configurable (0.15.0)
      concurrent-ruby (~> 1.0)
      dry-core (~> 0.6)
    dry-container (0.11.0)
      concurrent-ruby (~> 1.0)
    dry-core (0.9.1)
      concurrent-ruby (~> 1.0)
      zeitwerk (~> 2.6)
    dry-inflector (0.3.0)
    dry-initializer (3.2.0)
    dry-logic (1.3.0)
      concurrent-ruby (~> 1.0)
      dry-core (~> 0.9, >= 0.9)
      zeitwerk (~> 2.6)
    dry-types (1.6.1)
      concurrent-ruby (~> 1.0)
      dry-container (~> 0.3)
      dry-core (~> 0.9, >= 0.9)
      dry-inflector (~> 0.1, >= 0.1.2)
      dry-logic (~> 1.3, >= 1.3)
      zeitwerk (~> 2.6)
    erubi (1.13.1)
    et-orbi (1.2.11)
      tzinfo
    faraday (2.13.1)
      faraday-net_http (>= 2.0, < 3.5)
      json
      logger
    faraday-net_http (3.3.0)
      net-http
    fastimage (2.4.0)
    ffi (1.17.2-x86_64-linux-gnu)
    ffi-compiler (1.3.2)
      ffi (>= 1.15.5)
      rake
    forme (2.6.0)
      bigdecimal
    fugit (1.11.1)
      et-orbi (~> 1, >= 1.2.11)
      raabro (~> 1.4)
    globalid (1.2.1)
      activesupport (>= 6.1)
    http (5.2.0)
      addressable (~> 2.8)
      base64 (~> 0.1)
      http-cookie (~> 1.0)
      http-form_data (~> 2.2)
      llhttp-ffi (~> 0.5.0)
    http-cookie (1.0.8)
      domain_name (~> 0.5)
    http-form_data (2.3.0)
    httparty (0.22.0)
      csv
      mini_mime (>= 1.0.0)
      multi_xml (>= 0.5.2)
    i18n (1.14.7)
      concurrent-ruby (~> 1.0)
    jmespath (1.6.2)
    json (2.11.3)
    jwt (2.10.1)
      base64
    listen (3.9.0)
      rb-fsevent (~> 0.10, >= 0.10.3)
      rb-inotify (~> 0.9, >= 0.9.10)
    llhttp-ffi (0.5.1)
      ffi-compiler (~> 1.0)
      rake (~> 13.0)
    logger (1.7.0)
    lru_redux (1.1.0)
    mail (2.8.1)
      mini_mime (>= 0.1.1)
      net-imap
      net-pop
      net-smtp
    mailersend-ruby (2.0.3)
      http (~> 5.0)
      json (~> 2.5)
      uri (~> 0.13.0)
    mini_mime (1.1.5)
    minitest (5.25.5)
    multi_xml (0.7.2)
      bigdecimal (~> 3.1)
    net-http (0.4.1)
      uri
    net-imap (0.5.8)
      date
      net-protocol
    net-pop (0.1.2)
      net-protocol
    net-protocol (0.2.2)
      timeout
    net-smtp (0.5.1)
      net-protocol
    nio4r (2.7.4)
    nokogiri (1.18.8-x86_64-linux-gnu)
      racc (~> 1.4)
    pagy (6.5.0)
    pg (1.5.9)
    public_suffix (6.0.2)
    puma (6.6.0)
      nio4r (~> 2.0)
    raabro (1.4.0)
    racc (1.8.1)
    rack (3.1.14)
    rack-cors (2.0.2)
      rack (>= 2.0.0)
    rack-test (2.2.0)
      rack (>= 1.3)
    rackup (2.2.1)
      rack (>= 3)
    rake (13.2.1)
    rb-fsevent (0.11.2)
    rb-inotify (0.11.1)
      ffi (~> 1.0)
    redis-client (0.24.0)
      connection_pool
    roda (3.91.0)
      rack
    securerandom (0.4.1)
    sequel (5.92.0)
      bigdecimal
    sequel_tools (0.1.14)
      sequel
    shrine (3.6.0)
      content_disposition (~> 1.0)
      down (~> 5.1)
    sidekiq (7.3.9)
      base64
      connection_pool (>= 2.3.0)
      logger
      rack (>= 2.2.4)
      redis-client (>= 0.22.2)
    sidekiq-cron (2.2.0)
      cronex (>= 0.13.0)
      fugit (~> 1.8, >= 1.11.1)
      globalid (>= 1.0.1)
      sidekiq (>= 6.5.0)
    tilt (2.6.0)
    timeout (0.4.3)
    tzinfo (2.0.6)
      concurrent-ruby (~> 1.0)
    unaccent (0.4.0)
    unicode (0.4.4.5)
    uri (0.13.2)
    useragent (0.16.11)
    zeitwerk (2.7.2)

PLATFORMS
  x86_64-linux

DEPENDENCIES
  IPinfo (~> 2.2)
  aws-sdk-s3 (~> 1.143)
  bcrypt (~> 3.1)
  cgi (~> 0.4.1)
  concurrent-ruby (~> 1.2)
  countries (~> 5.7)
  dotenv (~> 2.8)
  dry-configurable (~> 0.15.0)
  dry-inflector (~> 0.3.0)
  dry-initializer (~> 3.1)
  dry-types (~> 1.5)
  erubi (~> 1.12)
  fastimage (~> 2.3)
  forme (~> 2.4)
  httparty (~> 0.22.0)
  json (~> 2.7)
  jwt (~> 2.8)
  listen (~> 3.8)
  mail (~> 2.8)
  mailersend-ruby (~> 2.0)
  minitest
  net-http (~> 0.4.1)
  nokogiri (~> 1.16)
  pagy (~> 6.4)
  pg (~> 1.5)
  puma (~> 6.4)
  rack-cors (~> 2.0)
  rack-test
  rackup (~> 2.1)
  rake (~> 13.1)
  roda (~> 3.73)
  sequel (~> 5.74)
  sequel_tools (~> 0.1.14)
  shrine (~> 3.5)
  sidekiq (~> 7.3)
  sidekiq-cron (~> 2.0)
  tilt (~> 2.3)
  useragent (~> 0.16.11)
  zeitwerk (~> 2.6)

BUNDLED WITH
   2.4.22
